GEM
  remote: http://rubygems.org/
  specs:
    mocha (0.9.8)
      rake
    rake (0.8.7)
    shoulda (2.11.1)

PLATFORMS
  ruby

DEPENDENCIES
  mocha (= 0.9.8)
  shoulda (= 2.11.1)
